GEM
  remote: https://rubygems.org/
  specs:
    concurrent-ruby (1.0.1)
    daemons (1.2.3)
    diff-lcs (1.2.5)
    eventmachine (1.2.0.1)
    execjs (2.6.0)
    newrelic_rpm (3.15.1.316)
    rack (1.6.4)
    rack-protection (1.5.3)
      rack
    rmagick (2.15.4)
    rspec (3.4.0)
      rspec-core (~> 3.4.0)
      rspec-expectations (~> 3.4.0)
      rspec-mocks (~> 3.4.0)
    rspec-core (3.4.4)
      rspec-support (~> 3.4.0)
    rspec-expectations (3.4.0)
      diff-lcs (>= 1.2.0, < 2.0)
      rspec-support (~> 3.4.0)
    rspec-mocks (3.4.1)
      diff-lcs (>= 1.2.0, < 2.0)
      rspec-support (~> 3.4.0)
    rspec-support (3.4.1)
    sinatra (1.4.7)
      rack (~> 1.5)
      rack-protection (~> 1.4)
      tilt (>= 1.3, < 3)
    sprockets (3.5.2)
      concurrent-ruby (~> 1.0)
      rack (> 1, < 3)
    thin (1.6.4)
      daemons (~> 1.0, >= 1.0.9)
      eventmachine (~> 1.0, >= 1.0.4)
      rack (~> 1.0)
    tilt (2.0.2)
    uglifier (3.0.0)
      execjs (>= 0.3.0, < 3)

PLATFORMS
  ruby

DEPENDENCIES
  execjs (~> 2.6.0)
  newrelic_rpm (~> 3.15.1.316)
  rack (~> 1.6.4)
  rack-protection (= 1.5.3)
  rmagick (~> 2.15.4)
  rspec (~> 3.4.0)
  sinatra (~> 1.4.7)
  sprockets (~> 3.5.2)
  thin (~> 1.6.4)
  tilt (~> 2.0.2)
  uglifier (~> 3.0.0)

BUNDLED WITH
   1.11.2
